GEM
  remote: https://rubygems.org/
  specs:
    colorize (0.7.3)
    minitest (5.4.3)
    terminal-table (1.4.5)

PLATFORMS
  ruby

DEPENDENCIES
  colorize
  minitest
  terminal-table
